GEM
  remote: https://rubygems.org/
  specs:
    cloud_events (0.7.0)
    functions_framework (1.2.0)
      cloud_events (>= 0.7.0, < 2.a)
      puma (>= 4.3.0, < 6.a)
      rack (~> 2.1)
    nio4r (2.5.8)
    nokogiri (1.13.10-arm64-darwin)
      racc (~> 1.4)
    puma (5.6.5)
      nio4r (~> 2.0)
    racc (1.6.2)
    rack (2.2.5)

PLATFORMS
  arm64-darwin-21

DEPENDENCIES
  functions_framework (~> 1.0)
  nokogiri (~> 1.13)

BUNDLED WITH
   2.3.7
